PATH
  remote: .
  specs:
    current_games (0.1.0)

GEM
  remote: https://rubygems.org/
  specs:

PLATFORMS
  ruby

DEPENDENCIES
  current_games!

BUNDLED WITH
   2.0.2
