PATH
  remote: .
  specs:
    zerp (0.1.0)

GEM
  remote: https://rubygems.org/
  specs:

PLATFORMS
  ruby

DEPENDENCIES
  zerp!

BUNDLED WITH
   2.0.2
